GEM
  remote: https://rubygems.org/
  specs:
    rack (1.6.5)
    rack-protection (1.5.3)
      rack
    sinatra (1.4.8)
      rack (~> 1.5)
      rack-protection (~> 1.4)
      tilt (>= 1.3, < 3)
    sinatra-param (1.4.0)
      sinatra (~> 1.3)
    tilt (2.0.7)

PLATFORMS
  ruby

DEPENDENCIES
  sinatra (~> 1.4)
  sinatra-param (~> 1.4)

RUBY VERSION
   ruby 2.3.1p112

BUNDLED WITH
   1.13.6
